GEM
  remote: http://rubygems.org/
  specs:
    addressable (2.3.5)
    daemons (1.1.9)
    domain_name (0.5.12)
      unf (>= 0.0.5, < 1.0.0)
    eventmachine (1.0.0-x86-mingw32)
    faraday (0.9.0)
      multipart-post (>= 1.2, < 3)
    mechanize (2.6.0)
      domain_name (~> 0.5, >= 0.5.1)
      mime-types (~> 1.17, >= 1.17.2)
      net-http-digest_auth (~> 1.1, >= 1.1.1)
      net-http-persistent (~> 2.5, >= 2.5.2)
      nokogiri (~> 1.4)
      ntlm-http (~> 0.1, >= 0.1.1)
      webrobots (>= 0.0.9, < 0.2)
    mime-types (1.23)
    mini_portile (0.5.0)
    multipart-post (2.0.0)
    net-http-digest_auth (1.3)
    net-http-persistent (2.8)
    nokogiri (1.6.0-x86-mingw32)
      mini_portile (~> 0.5.0)
    ntlm-http (0.1.1)
    octokit (2.7.0)
      sawyer (~> 0.5.2)
    rack (1.4.1)
    rack-protection (1.2.0)
      rack
    sawyer (0.5.2)
      addressable (~> 2.3.5)
      faraday (~> 0.8, < 0.10)
    sinatra (1.3.3)
      rack (~> 1.3, >= 1.3.6)
      rack-protection (~> 1.2)
      tilt (~> 1.3, >= 1.3.3)
    thin (1.5.0)
      daemons (>= 1.0.9)
      eventmachine (>= 0.12.6)
      rack (>= 1.0.0)
    tilt (1.3.3)
    unf (0.1.1)
      unf_ext
    unf_ext (0.0.6-x86-mingw32)
    webrobots (0.1.1)

PLATFORMS
  x86-mingw32

DEPENDENCIES
  mechanize (= 2.6.0)
  octokit
  sinatra
  thin
